GEM
  remote: https://rubygems.org/
  specs:
    bson (4.2.1)
    json (1.8.3)
    mongo (2.4.2)
      bson (>= 4.2.1, < 5.0.0)
    mqtt (0.5.0)

PLATFORMS
  ruby

DEPENDENCIES
  json (= 1.8.3)
  mongo (~> 2.4)
  mqtt

BUNDLED WITH
   1.12.5
